PATH
  remote: .
  specs:
    percussion_ensembles (0.1.0)
      nokogiri
      open-uri

GEM
  remote: https://rubygems.org/
  specs:
    coderay (1.1.3)
    method_source (1.0.0)
    mini_portile2 (2.4.0)
    nokogiri (1.10.10)
      mini_portile2 (~> 2.4.0)
    open-uri (0.1.0)
    pry (0.13.1)
      coderay (~> 1.1)
      method_source (~> 1.0)
    rake (12.3.3)

PLATFORMS
  ruby

DEPENDENCIES
  bundler (~> 2.0)
  percussion_ensembles!
  pry
  rake (~> 12.0)

BUNDLED WITH
   2.1.4
