PATH
  remote: .
  specs:
    percussion_ensembles (0.1.0)
      colorize
      nokogiri
      open-uri

GEM
  remote: https://rubygems.org/
  specs:
    childprocess (4.1.0)
    coderay (1.1.3)
    colorize (0.8.1)
    date (3.2.2)
    method_source (1.0.0)
    nokogiri (1.12.5-x86_64-darwin)
      racc (~> 1.4)
    open-uri (0.2.0)
      stringio
      time
      uri
    pry (0.14.1)
      coderay (~> 1.1)
      method_source (~> 1.0)
    racc (1.6.0)
    rake (12.3.3)
    regexp_parser (2.1.1)
    rexml (3.2.5)
    rubyzip (2.3.2)
    selenium-webdriver (4.1.0)
      childprocess (>= 0.5, < 5.0)
      rexml (~> 3.2, >= 3.2.5)
      rubyzip (>= 1.2.2)
    stringio (3.0.1)
    time (0.2.0)
      date
    uri (0.11.0)
    watir (7.1.0)
      regexp_parser (>= 1.2, < 3)
      selenium-webdriver (~> 4.0)

PLATFORMS
  x86_64-darwin-20

DEPENDENCIES
  bundler (~> 2.0)
  colorize
  percussion_ensembles!
  pry
  rake (~> 12.0)
  watir

BUNDLED WITH
   2.2.21
